GEM
  remote: https://rubygems.org/
  specs:
    cgi (0.1.0)
    httparty (0.18.1)
      mime-types (~> 3.0)
      multi_xml (>= 0.5.2)
    json (2.3.0)
    mime-types (3.3.1)
      mime-types-data (~> 3.2015)
    mime-types-data (3.2020.0512)
    multi_xml (0.6.0)
    rake (12.3.3)

PLATFORMS
  ruby

DEPENDENCIES
  cgi (~> 0.1.0)
  httparty (~> 0.18.1)
  json (~> 2.3)
  rake (~> 12.0)

BUNDLED WITH
   2.1.4
